PATH
  remote: .
  specs:
    accessibility_bridge (0.1.0)

GEM
  remote: http://rubygems.org/
  specs:
    kramdown (0.14.1)
    rake (10.0.2)
    rake-compiler (0.8.1)
      rake
    yard (0.8.3)

PLATFORMS
  ruby

DEPENDENCIES
  accessibility_bridge!
  kramdown (~> 0.14.1)
  rake-compiler (~> 0.8.1)
  yard (~> 0.8.3)
